PATH
  remote: ../..
  specs:
    rails-clone (0.0.1)
      rack

GEM
  remote: https://rubygems.org/
  specs:
    rack (2.0.3)

PLATFORMS
  ruby

DEPENDENCIES
  rails-clone!

BUNDLED WITH
   1.14.6
