PATH
  remote: ../..
  specs:
    rails-clone (0.1.0)

GEM
  remote: https://rubygems.org/
  specs:

PLATFORMS
  ruby

DEPENDENCIES
  rails-clone!

BUNDLED WITH
   1.13.6
